GEM
  remote: https://rubygems.org/
  specs:
    ruby_native_statistics (0.8)

PLATFORMS
  ruby

DEPENDENCIES
  ruby_native_statistics

RUBY VERSION
   ruby 2.3.4p301

BUNDLED WITH
   1.14.6
